GEM
  remote: https://rubygems.org/
  specs:
    backports (3.6.4)
    daemons (1.2.2)
    domain_name (0.5.24)
      unf (>= 0.0.5, < 1.0.0)
    dotenv (2.0.1)
    eventmachine (1.0.7)
    http-cookie (1.0.2)
      domain_name (~> 0.5)
    httpclient (2.6.0.1)
    mime-types (2.6.1)
    multi_json (1.11.1)
    netrc (0.10.3)
    pusher (0.14.5)
      httpclient (~> 2.5)
      multi_json (~> 1.0)
      signature (~> 0.1.8)
    rack (1.6.1)
    rack-protection (1.5.3)
      rack
    rack-test (0.6.3)
      rack (>= 1.0)
    rest-client (1.8.0)
      http-cookie (>= 1.0.2, < 2.0)
      mime-types (>= 1.16, < 3.0)
      netrc (~> 0.7)
    sendgrid_ruby (0.0.6)
      rest-client
      smtpapi
    signature (0.1.8)
    sinatra (1.4.6)
      rack (~> 1.4)
      rack-protection (~> 1.4)
      tilt (>= 1.3, < 3)
    sinatra-contrib (1.4.4)
      backports (>= 2.0)
      multi_json
      rack-protection
      rack-test
      sinatra (~> 1.4.0)
      tilt (>= 1.3, < 3)
    smtpapi (0.1.0)
    thin (1.6.3)
      daemons (~> 1.0, >= 1.0.9)
      eventmachine (~> 1.0)
      rack (~> 1.0)
    tilt (2.0.1)
    unf (0.1.4)
      unf_ext
    unf_ext (0.0.7.1)

PLATFORMS
  ruby

DEPENDENCIES
  dotenv
  pusher
  sendgrid_ruby
  sinatra
  sinatra-contrib
  thin

BUNDLED WITH
   1.10.3
